GEM
  remote: https://rubygems.org/
  specs:
    byebug (5.0.0)
      columnize (= 0.9.0)
    colorize (0.7.7)
    columnize (0.9.0)
    require_all (1.3.2)

PLATFORMS
  ruby

DEPENDENCIES
  byebug
  colorize
  require_all
